GIT
  remote: git://github.com/johnbintz/jasmine-headless-webkit.git
  revision: ade490ba14ff5c0cb1c8882ebfadb2432618c028
  branch: travis-test
  specs:
    jasmine-headless-webkit (0.7.0)
      coffee-script (>= 2.2)
      jasmine-core (~> 1.1.beta)
      multi_json
      rainbow

GEM
  remote: http://rubygems.org/
  specs:
    coffee-script (2.2.0)
      coffee-script-source
      execjs
    coffee-script-source (1.1.2)
    execjs (1.2.4)
      multi_json (~> 1.0)
    jasmine-core (1.1.0.rc4)
    multi_json (1.0.3)
    rainbow (1.1.1)
    rake (0.9.2)

PLATFORMS
  ruby

DEPENDENCIES
  jasmine-headless-webkit!
  rake (= 0.9.2)
